GEM
  remote: https://rubygems.org/
  specs:
    bson (4.15.0)
    mongo (2.18.1)
      bson (>= 4.14.1, < 5.0.0)

PLATFORMS
  ruby

DEPENDENCIES
  mongo (~> 2)

BUNDLED WITH
   2.1.4
